PATH
  remote: .
  specs:
    adyen-skinbuilder (0.0.1)
      rack (>= 1.3)
      slop (>= 1.6.0)

GEM
  remote: http://rubygems.org/
  specs:
    diff-lcs (1.1.2)
    rack (1.3.0)
    rack-test (0.5.7)
      rack (>= 1.0)
    rspec (2.5.0)
      rspec-core (~> 2.5.0)
      rspec-expectations (~> 2.5.0)
      rspec-mocks (~> 2.5.0)
    rspec-core (2.5.1)
    rspec-expectations (2.5.0)
      diff-lcs (~> 1.1.2)
    rspec-mocks (2.5.0)
    slop (1.6.0)

PLATFORMS
  ruby

DEPENDENCIES
  adyen-skinbuilder!
  rack-test
  rspec
